GEM
  remote: http://rubygems.org/
  specs:
    aws-s3 (0.6.3)
      builder
      mime-types
      xml-simple
    builder (3.2.0)
    chunky_png (1.2.8)
    compass (0.12.2)
      chunky_png (~> 1.2)
      fssm (>= 0.2.7)
      sass (~> 3.1)
    fssm (0.2.10)
    haml (3.1.8)
    mime-types (1.22)
    rack (1.5.2)
    rdiscount (2.0.7.2)
    sass (3.2.7)
    staticmatic2 (2.1.6)
      aws-s3
      compass (~> 0.12.1)
      haml (~> 3.1)
      rack (>= 1.0)
      sass (~> 3.1)
      thor (>= 0.14.6)
      tilt (>= 1.3)
    thor (0.18.1)
    tilt (1.3.7)
    xml-simple (1.1.2)

PLATFORMS
  ruby

DEPENDENCIES
  haml
  rdiscount
  staticmatic2
